GIT
  remote: git://github.com/odorcicd/authlogic.git
  revision: a087ad0cba3c165ba22fcf176c28b6f7517931e8
  branch: rails3
  specs:
    authlogic (2.1.3)
      activesupport

GIT
  remote: git://github.com/rails/exception_notification.git
  revision: 192a49a02d63d28b23ed41cebadfedd490929cf1
  specs:
    exception_notification (1.0.0)

GEM
  remote: http://rubygems.org/
  specs:
    ZenTest (4.4.0)
    aaronh-chronic (0.3.9)
    abstract (1.0.0)
    actionmailer (3.0.3)
      actionpack (= 3.0.3)
      mail (~> 2.2.9)
    actionpack (3.0.3)
      activemodel (= 3.0.3)
      activesupport (= 3.0.3)
      builder (~> 2.1.2)
      erubis (~> 2.6.6)
      i18n (~> 0.4)
      rack (~> 1.2.1)
      rack-mount (~> 0.6.13)
      rack-test (~> 0.5.6)
      tzinfo (~> 0.3.23)
    activemodel (3.0.3)
      activesupport (= 3.0.3)
      builder (~> 2.1.2)
      i18n (~> 0.4)
    activerecord (3.0.3)
      activemodel (= 3.0.3)
      activesupport (= 3.0.3)
      arel (~> 2.0.2)
      tzinfo (~> 0.3.23)
    activeresource (3.0.3)
      activemodel (= 3.0.3)
      activesupport (= 3.0.3)
    activesupport (3.0.3)
    acts-as-taggable-on (2.0.6)
    addressable (2.2.4)
    annotate (2.4.0)
    arel (2.0.3)
    authlogic-connect (0.0.6)
      activerecord (>= 2.1.2)
      activesupport (>= 2.1.2)
      authlogic
      json
      oauth
      oauth2
      rack-openid (>= 0.2.1)
      ruby-openid
    autotest (4.4.5)
    autotest-rails (4.1.0)
      ZenTest
    awesome_print (0.2.1)
    backup (2.4.4)
      activerecord (>= 2.3.5)
      cloudfiles (>= 1.4.7)
      dropbox (>= 1.1.2)
      fog (~> 0.3.5)
      hirb (>= 0.2.9)
      json_pure (~> 1.4.6)
      net-scp (>= 1.0.2)
      net-sftp (>= 2.0.4)
      net-ssh (>= 2.0.15)
      pony (>= 0.5)
      sqlite3-ruby (>= 1.2.5)
    bcrypt-ruby (2.1.4)
    bitly (0.5.3)
      crack (>= 0.1.4)
      httparty (>= 0.5.2)
    builder (2.1.2)
    bullet (2.0.1)
      uniform_notifier (~> 1.0.0)
    cancan (1.4.0)
    capybara (0.3.9)
      culerity (>= 0.2.4)
      mime-types (>= 1.16)
      nokogiri (>= 1.3.3)
      rack (>= 1.0.0)
      rack-test (>= 0.5.4)
      selenium-webdriver (>= 0.0.3)
    cloudfiles (1.4.10)
      mime-types (>= 1.16)
    compass (0.10.5)
      haml (>= 3.0.4)
    configuration (1.1.0)
    crack (0.1.8)
    cross-stub (0.2.0)
      ruby2ruby (= 1.2.4)
      ruby_parser (= 2.0.4)
    css_sprite (1.4.10)
      rmagick
    cucumber (0.9.2)
      builder (~> 2.1.2)
      diff-lcs (~> 1.1.2)
      gherkin (~> 2.2.5)
      json (~> 1.4.6)
      term-ansicolor (~> 1.0.5)
    cucumber-rails (0.3.2)
      cucumber (>= 0.8.0)
    culerity (0.2.12)
    daemons (1.0.10)
    database_cleaner (0.6.0.rc.3)
    delayed_job (2.1.1)
      activesupport (~> 3.0)
      daemons
    devise (1.1.5)
      bcrypt-ruby (~> 2.1.2)
      warden (~> 1.0.2)
    diff-lcs (1.1.2)
    dropbox (1.2.0)
      json (>= 1.2.0)
      mechanize (>= 1.0.0)
      multipart-post (>= 1.0)
      oauth (>= 0.3.6)
    email_spec (1.0.0)
    erubis (2.6.6)
      abstract (>= 1.0.0)
    escape_utils (0.1.9)
    excon (0.2.4)
    factory_girl (1.3.2)
    factory_girl_rails (1.0)
      factory_girl (~> 1.3)
      rails (>= 3.0.0.beta4)
    faraday (0.5.3)
      addressable (~> 2.2.2)
      multipart-post (~> 1.0.1)
      rack (>= 1.1.0, < 2)
    ffi (0.6.3)
      rake (>= 0.8.7)
    fog (0.3.24)
      builder
      excon (>= 0.2.4)
      formatador (>= 0.0.16)
      json
      mime-types
      net-ssh (~> 2.0.23)
      nokogiri (~> 1.4.3.1)
      ruby-hmac
    formatador (0.0.16)
    formtastic (1.1.0)
      actionpack (>= 2.3.0)
      activesupport (>= 2.3.0)
      i18n (>= 0.4.0)
    gem_plugin (0.2.3)
    gherkin (2.2.9)
      json (~> 1.4.6)
      term-ansicolor (~> 1.0.5)
    gravtastic (3.0.0)
    haml (3.0.21)
    has_scope (0.5.0)
    hashie (0.4.0)
    hirb (0.3.5)
    httparty (0.6.1)
      crack (= 0.1.8)
    i18n (0.4.2)
    inherited_resources (1.1.2)
      has_scope (~> 0.5.0)
      responders (~> 0.6.0)
    json (1.4.6)
    json_pure (1.4.6)
    launchy (0.3.7)
      configuration (>= 0.0.5)
      rake (>= 0.8.1)
    mail (2.2.10)
      activesupport (>= 2.3.6)
      i18n (~> 0.4.1)
      mime-types (~> 1.16)
      treetop (~> 1.4.8)
    mechanize (1.0.0)
      nokogiri (>= 1.2.1)
    meta-tags (1.2.3)
    mime-types (1.16)
    mongrel (1.2.0.pre2)
      daemons (~> 1.0.10)
      gem_plugin (~> 0.2.3)
    multi_json (0.0.4)
    multipart-post (1.0.1)
    mysql2 (0.2.6)
    net-ldap (0.1.1)
    net-scp (1.0.4)
      net-ssh (>= 1.99.1)
    net-sftp (2.0.5)
      net-ssh (>= 2.0.9)
    net-ssh (2.0.23)
    nokogiri (1.4.3.1)
    oa-basic (0.2.0.beta4)
      multi_json (~> 0.0.2)
      nokogiri (~> 1.4.2)
      oa-core (= 0.2.0.beta4)
      rest-client (~> 1.6.0)
    oa-core (0.2.0.beta4)
      rack (~> 1.1)
    oa-enterprise (0.2.0.beta4)
      net-ldap (~> 0.1.1)
      nokogiri (~> 1.4.2)
      oa-core (= 0.2.0.beta4)
      pyu-ruby-sasl (~> 0.0.3.1)
      rubyntlm (~> 0.1.1)
    oa-more (0.2.0.beta4)
      multi_json (~> 0.0.2)
      oa-core (= 0.2.0.beta4)
      rest-client (~> 1.6.0)
    oa-oauth (0.2.0.beta4)
      multi_json (~> 0.0.2)
      nokogiri (~> 1.4.2)
      oa-core (= 0.2.0.beta4)
      oauth (~> 0.4.0)
      oauth2 (~> 0.1.1)
    oa-openid (0.2.0.beta4)
      oa-core (= 0.2.0.beta4)
      rack-openid (~> 1.2.0)
      ruby-openid-apps-discovery
    oauth (0.4.3)
    oauth2 (0.1.1)
      faraday (~> 0.5.0)
      multi_json (~> 0.0.4)
    omniauth (0.2.0.beta4)
      oa-basic (= 0.2.0.beta4)
      oa-core (= 0.2.0.beta4)
      oa-enterprise (= 0.2.0.beta4)
      oa-more (= 0.2.0.beta4)
      oa-oauth (= 0.2.0.beta4)
      oa-openid (= 0.2.0.beta4)
    pickle (0.4.2)
      cucumber (>= 0.8)
      rake
      rspec (>= 1.3)
      yard
    polyglot (0.3.1)
    pony (1.1)
      mail (> 2.0)
    pyu-ruby-sasl (0.0.3.2)
    rack (1.2.1)
    rack-mount (0.6.13)
      rack (>= 1.0.0)
    rack-openid (1.2.0)
      rack (>= 1.1.0)
      ruby-openid (>= 2.1.8)
    rack-test (0.5.6)
      rack (>= 1.0)
    rails (3.0.3)
      actionmailer (= 3.0.3)
      actionpack (= 3.0.3)
      activerecord (= 3.0.3)
      activeresource (= 3.0.3)
      activesupport (= 3.0.3)
      bundler (~> 1.0)
      railties (= 3.0.3)
    railties (3.0.3)
      actionpack (= 3.0.3)
      activesupport (= 3.0.3)
      rake (>= 0.8.7)
      thor (~> 0.14.4)
    rake (0.8.7)
    rcov (0.9.9)
    rdiscount (1.6.5)
    recaptcha (0.2.3)
    remarkable (4.0.0.alpha4)
      rspec (>= 2.0.0.alpha11)
    remarkable_activemodel (4.0.0.alpha4)
      remarkable (~> 4.0.0.alpha4)
      rspec (>= 2.0.0.alpha11)
    remarkable_activerecord (4.0.0.alpha4)
      remarkable (~> 4.0.0.alpha4)
      remarkable_activemodel (~> 4.0.0.alpha4)
      rspec (>= 2.0.0.alpha11)
    responders (0.6.2)
    rest-client (1.6.1)
      mime-types (>= 1.16)
    riddle (1.1.0)
    rmagick (2.13.1)
    rspec (2.1.0)
      rspec-core (~> 2.1.0)
      rspec-expectations (~> 2.1.0)
      rspec-mocks (~> 2.1.0)
    rspec-core (2.1.0)
    rspec-expectations (2.1.0)
      diff-lcs (~> 1.1.2)
    rspec-mocks (2.1.0)
    rspec-rails (2.1.0)
      rspec (~> 2.1.0)
    ruby-hmac (0.4.0)
    ruby-openid (2.1.8)
    ruby-openid-apps-discovery (1.2.0)
      ruby-openid (>= 2.1.7)
    ruby2ruby (1.2.4)
      ruby_parser (~> 2.0)
      sexp_processor (~> 3.0)
    ruby_parser (2.0.4)
      sexp_processor (~> 3.0)
    rubyntlm (0.1.1)
    rubyzip (0.9.4)
    selenium-webdriver (0.0.28)
      ffi (>= 0.6.1)
      json_pure
      rubyzip
    sexp_processor (3.0.5)
    sitemap_generator (0.3.3)
    spork (0.8.4)
    sqlite3-ruby (1.3.1)
    switch_user (0.6.0)
    term-ansicolor (1.0.5)
    thinking-sphinx (2.0.0.rc2)
      activerecord (>= 3.0.0.rc)
      riddle (>= 1.0.12)
    thor (0.14.4)
    treetop (1.4.9)
      polyglot (>= 0.3.1)
    twitter (0.9.12)
      hashie (~> 0.4.0)
      httparty (~> 0.6.1)
      multi_json (~> 0.0.4)
      oauth (~> 0.4.3)
    typus (3.0.2)
      will_paginate (~> 3.0.pre2)
    tzinfo (0.3.23)
    uniform_notifier (1.0.0)
    warden (1.0.3)
      rack (>= 1.0.0)
    whenever (0.6.2)
      aaronh-chronic (>= 0.3.9)
      activesupport (>= 2.3.4)
    will_paginate (3.0.pre2)
    yard (0.6.1)

PLATFORMS
  ruby

DEPENDENCIES
  ZenTest
  acts-as-taggable-on (~> 2.0.6)
  annotate
  authlogic!
  authlogic-connect (~> 0.0.6)
  autotest
  autotest-rails (~> 4.1.0)
  awesome_print
  backup (~> 2.4.4)
  bitly
  bullet (~> 2.0.1)
  cancan
  capybara (= 0.3.9)
  compass (~> 0.10.2)
  cross-stub (= 0.2.0)
  css_sprite (~> 1.4.9)
  cucumber (~> 0.9.2)
  cucumber-rails (~> 0.3.2)
  database_cleaner (~> 0.6.0.rc3)
  delayed_job (~> 2.1.0)
  devise
  email_spec (~> 1.0.0)
  escape_utils
  exception_notification!
  factory_girl_rails (~> 1.0.0)
  formtastic (~> 1.1.0)
  gravtastic (~> 3.0.0)
  haml (~> 3.0.13)
  has_scope (~> 0.5.0)
  inherited_resources (~> 1.1.2)
  json
  launchy
  meta-tags
  mongrel (= 1.2.0.pre2)
  mysql2 (~> 0.2.6)
  oauth
  oauth2
  omniauth (= 0.2.0.beta4)
  pickle (~> 0.4.2)
  rack-openid
  rails (= 3.0.3)
  rcov (~> 0.9.9)
  rdiscount
  recaptcha
  remarkable_activerecord (~> 4.0.0.alpha2)
  rspec (~> 2.1.0)
  rspec-rails (~> 2.1.0)
  ruby-openid
  sitemap_generator (~> 0.3.3)
  spork
  sqlite3-ruby
  switch_user (~> 0.6.0)
  thinking-sphinx (~> 2.0.0.rc2)
  twitter (~> 0.9.8)
  typus (~> 3.0.2)
  whenever (~> 0.6.1)
  will_paginate (~> 3.0.pre2)
