GEM
  remote: https://rubygems.org/
  specs:
    actionmailer (3.2.12)
      actionpack (= 3.2.12)
      mail (~> 2.4.4)
    actionpack (3.2.12)
      activemodel (= 3.2.12)
      activesupport (= 3.2.12)
      builder (~> 3.0.0)
      erubis (~> 2.7.0)
      journey (~> 1.0.4)
      rack (~> 1.4.5)
      rack-cache (~> 1.2)
      rack-test (~> 0.6.1)
      sprockets (~> 2.2.1)
    activemodel (3.2.12)
      activesupport (= 3.2.12)
      builder (~> 3.0.0)
    activerecord (3.2.12)
      activemodel (= 3.2.12)
      activesupport (= 3.2.12)
      arel (~> 3.0.2)
      tzinfo (~> 0.3.29)
    activeresource (3.2.12)
      activemodel (= 3.2.12)
      activesupport (= 3.2.12)
    activesupport (3.2.12)
      i18n (~> 0.6)
      multi_json (~> 1.0)
    acts-as-taggable-on (2.3.3)
      rails (~> 3.0)
    addressable (2.3.2)
    annotate (2.5.0)
      rake
    arel (3.0.2)
    awesome_print (1.1.0)
    backup (3.0.27)
      open4 (~> 1.3.0)
      thor (>= 0.15.4, < 2)
    bcrypt-ruby (3.0.1)
    bitly (0.8.1)
      crack (>= 0.1.4)
      httparty (>= 0.7.6)
      oauth2 (>= 0.5.0, < 0.9)
    bootstrap-sass (2.2.2.0)
      sass (~> 3.2)
    bourne (1.1.2)
      mocha (= 0.10.5)
    builder (3.0.4)
    bullet (4.3.0)
      uniform_notifier
    cancan (1.6.8)
    capistrano (2.14.1)
      highline
      net-scp (>= 1.0.0)
      net-sftp (>= 2.0.0)
      net-ssh (>= 2.0.14)
      net-ssh-gateway (>= 1.1.0)
    capistrano_colors (0.5.5)
    capybara (2.0.2)
      mime-types (>= 1.16)
      nokogiri (>= 1.3.3)
      rack (>= 1.0.0)
      rack-test (>= 0.5.4)
      selenium-webdriver (~> 2.0)
      xpath (~> 1.0.0)
    cells (3.8.8)
      actionpack (>= 3.0)
      railties (>= 3.0)
    childprocess (0.3.7)
      ffi (~> 1.0, >= 1.0.6)
    choice (0.1.6)
    chronic (0.9.1)
    chunky_png (1.2.7)
    ckeditor_rails (4.0.1.1)
      railties (>= 3.0)
    cocaine (0.4.2)
    code_analyzer (0.3.1)
      sexp_processor
    coderay (1.0.8)
    coffee-rails (3.2.2)
      coffee-script (>= 2.2.0)
      railties (~> 3.2.0)
    coffee-script (2.2.0)
      coffee-script-source
      execjs
    coffee-script-source (1.4.0)
    colored (1.2)
    compass (0.12.2)
      chunky_png (~> 1.2)
      fssm (>= 0.2.7)
      sass (~> 3.1)
    contact_us (0.4.0)
      rails (>= 3.0.0)
    country-select (1.1.1)
    crack (0.3.2)
    css_sprite (2.1.0)
      mini_magick
      mocha
      rspec
    cucumber (1.2.1)
      builder (>= 2.1.2)
      diff-lcs (>= 1.1.3)
      gherkin (~> 2.11.0)
      json (>= 1.4.6)
    cucumber-rails (1.3.0)
      capybara (>= 1.1.2)
      cucumber (>= 1.1.8)
      nokogiri (>= 1.5.0)
    daemons (1.1.9)
    database_cleaner (0.9.1)
    delayed_job (3.0.5)
      activesupport (~> 3.0)
    delayed_job_active_record (0.3.3)
      activerecord (>= 2.1.0, < 4)
      delayed_job (~> 3.0)
    devise (2.2.3)
      bcrypt-ruby (~> 3.0)
      orm_adapter (~> 0.1)
      railties (~> 3.1)
      warden (~> 1.2.1)
    devise-encryptable (0.1.1)
      devise (>= 2.1.0.rc)
    diff-lcs (1.1.3)
    dropbox (1.3.0)
      json (>= 1.2.0)
      multipart-post (>= 1.1.0)
      oauth (>= 0.3.6)
    em-websocket (0.4.0)
      eventmachine (>= 0.12.9)
      http_parser.rb (~> 0.5.3)
    email_spec (1.4.0)
      launchy (~> 2.1)
      mail (~> 2.2)
    erubis (2.7.0)
    escape_utils (0.2.4)
    eventmachine (1.0.0)
    exception_notification (3.0.1)
      actionmailer (>= 3.0.4)
    execjs (1.4.0)
      multi_json (~> 1.0)
    factory_girl (4.2.0)
      activesupport (>= 3.0.0)
    factory_girl_rails (4.2.0)
      factory_girl (~> 4.2.0)
      railties (>= 3.0.0)
    faraday (0.8.4)
      multipart-post (~> 1.1)
    ffi (1.3.1)
    font-awesome-sass-rails (3.0.0.1)
      railties (>= 3.1.1)
      sass-rails (>= 3.1.1)
    formtastic (2.2.1)
      actionpack (>= 3.0)
    fssm (0.2.10)
    gherkin (2.11.6)
      json (>= 1.7.6)
    gravtastic (3.2.6)
    guard (1.6.2)
      listen (>= 0.6.0)
      lumberjack (>= 1.0.2)
      pry (>= 0.9.10)
      terminal-table (>= 1.4.3)
      thor (>= 0.14.6)
    guard-annotate (1.0.0)
      annotate (>= 2.4.0)
      guard (>= 0.2.2)
    guard-bundler (1.0.0)
      bundler (~> 1.0)
      guard (~> 1.1)
    guard-livereload (1.1.3)
      em-websocket (>= 0.2.0)
      guard (>= 1.5.0)
      multi_json (~> 1.0)
    guard-migrate (0.1.7)
      guard (>= 1.3.0)
    guard-rails (0.2.3)
      guard (>= 0.2.2)
    guard-rspec (2.4.0)
      guard (>= 1.1)
      rspec (~> 2.11)
    guard-spork (1.4.2)
      childprocess (>= 0.2.3)
      guard (>= 1.1)
      spork (>= 0.8.4)
    haml (3.1.7)
    has_scope (0.5.1)
    hashie (1.2.0)
    highline (1.6.15)
    hike (1.2.1)
    http_parser.rb (0.5.3)
    httparty (0.10.2)
      multi_json (~> 1.0)
      multi_xml (>= 0.5.2)
    httpauth (0.2.0)
    i18n (0.6.4)
    innertube (1.0.2)
    journey (1.0.4)
    jquery-rails (2.2.0)
      railties (>= 3.0, < 5.0)
      thor (>= 0.14, < 2.0)
    jquery-ui-rails (3.0.1)
      jquery-rails
      railties (>= 3.1.0)
    json (1.7.7)
    jwt (0.1.5)
      multi_json (>= 1.0)
    kaminari (0.14.1)
      actionpack (>= 3.0.0)
      activesupport (>= 3.0.0)
    kgio (2.8.0)
    launchy (2.1.2)
      addressable (~> 2.3)
    libv8 (3.11.8.13)
    listen (0.7.2)
    lumberjack (1.0.2)
    mail (2.4.4)
      i18n (>= 0.4.0)
      mime-types (~> 1.16)
      treetop (~> 1.4.8)
    memcached (1.5.0)
    meta-tags (1.2.6)
      actionpack
    metaclass (0.0.1)
    method_source (0.8.1)
    middleware (0.1.0)
    mime-types (1.21)
    mini_magick (3.4)
      subexec (~> 0.2.1)
    mocha (0.10.5)
      metaclass (~> 0.0.1)
    multi_json (1.6.1)
    multi_xml (0.5.2)
    multipart-post (1.1.5)
    multiple_mailers (1.1.1)
    mysql2 (0.3.12b5)
    nested_form (0.3.1)
    net-scp (1.0.4)
      net-ssh (>= 1.99.1)
    net-sftp (2.0.5)
      net-ssh (>= 2.0.9)
    net-ssh (2.6.3)
    net-ssh-gateway (1.1.0)
      net-ssh (>= 1.99.1)
    newrelic_rpm (3.5.7.59)
    nokogiri (1.5.6)
    oauth (0.4.7)
    oauth2 (0.8.0)
      faraday (~> 0.8)
      httpauth (~> 0.1)
      jwt (~> 0.1.4)
      multi_json (~> 1.0)
      rack (~> 1.2)
    omniauth (1.1.1)
      hashie (~> 1.2)
      rack
    omniauth-facebook (1.4.1)
      omniauth-oauth2 (~> 1.1.0)
    omniauth-oauth (1.0.1)
      oauth
      omniauth (~> 1.0)
    omniauth-oauth2 (1.1.1)
      oauth2 (~> 0.8.0)
      omniauth (~> 1.0)
    omniauth-twitter (0.0.14)
      multi_json (~> 1.3)
      omniauth-oauth (~> 1.0)
    open4 (1.3.0)
    orm_adapter (0.4.0)
    paperclip (3.4.0)
      activemodel (>= 3.0.0)
      activerecord (>= 3.0.0)
      activesupport (>= 3.0.0)
      cocaine (~> 0.4.0)
      mime-types
    pickle (0.4.11)
      cucumber (>= 0.8)
      rake
    polyglot (0.3.3)
    pry (0.9.11.4)
      coderay (~> 1.0.5)
      method_source (~> 0.8)
      slop (~> 3.4)
    puma (2.0.0.b6)
      rack (>= 1.1, < 2.0)
    quiet_assets (1.0.1)
      railties (~> 3.1)
    rack (1.4.5)
    rack-cache (1.2)
      rack (>= 0.4)
    rack-pjax (0.7.0)
      nokogiri (~> 1.5)
      rack (~> 1.3)
    rack-ssl (1.3.3)
      rack
    rack-test (0.6.2)
      rack (>= 1.0)
    rails (3.2.12)
      actionmailer (= 3.2.12)
      actionpack (= 3.2.12)
      activerecord (= 3.2.12)
      activeresource (= 3.2.12)
      activesupport (= 3.2.12)
      bundler (~> 1.0)
      railties (= 3.2.12)
    rails-erd (1.1.0)
      activerecord (>= 3.0)
      activesupport (>= 3.0)
      choice (~> 0.1.6)
      ruby-graphviz (~> 1.0.4)
    rails_admin (0.4.3)
      bootstrap-sass (~> 2.2)
      builder (~> 3.0)
      coffee-rails (~> 3.1)
      font-awesome-sass-rails (~> 3.0, >= 3.0.0.1)
      haml (~> 3.1)
      jquery-rails (~> 2.1)
      jquery-ui-rails (~> 3.0)
      kaminari (~> 0.14)
      nested_form (~> 0.3)
      rack-pjax (~> 0.6)
      rails (~> 3.1)
      remotipart (~> 1.0)
      sass-rails (~> 3.1)
    rails_best_practices (1.13.3)
      activesupport
      awesome_print
      code_analyzer
      colored
      erubis
      i18n
      ruby-progressbar
    railties (3.2.12)
      actionpack (= 3.2.12)
      activesupport (= 3.2.12)
      rack-ssl (~> 1.3.2)
      rake (>= 0.8.7)
      rdoc (~> 3.4)
      thor (>= 0.14.6, < 2.0)
    rake (10.0.3)
    rb-fchange (0.0.6)
      ffi
    rb-fsevent (0.9.3)
    rb-inotify (0.9.0)
      ffi (>= 0.5.0)
    rdiscount (2.0.7)
    rdoc (3.12.2)
      json (~> 1.4)
    recaptcha (0.3.4)
    ref (1.0.2)
    remotipart (1.0.2)
    riddle (1.5.4)
    rspec (2.12.0)
      rspec-core (~> 2.12.0)
      rspec-expectations (~> 2.12.0)
      rspec-mocks (~> 2.12.0)
    rspec-cells (0.1.7)
      cells (~> 3.4)
      railties (>= 3.0, < 4.1)
      rspec-rails (~> 2.2)
    rspec-core (2.12.2)
    rspec-expectations (2.12.1)
      diff-lcs (~> 1.1.3)
    rspec-mocks (2.12.2)
    rspec-rails (2.12.2)
      actionpack (>= 3.0)
      activesupport (>= 3.0)
      railties (>= 3.0)
      rspec-core (~> 2.12.0)
      rspec-expectations (~> 2.12.0)
      rspec-mocks (~> 2.12.0)
    ruby-graphviz (1.0.8)
    ruby-progressbar (1.0.2)
    rubyzip (0.9.9)
    rvm-capistrano (1.2.7)
      capistrano (>= 2.0.0)
    sass (3.2.5)
    sass-rails (3.2.6)
      railties (~> 3.2.0)
      sass (>= 3.1.10)
      tilt (~> 1.3)
    selenium-webdriver (2.29.0)
      childprocess (>= 0.2.5)
      multi_json (~> 1.0)
      rubyzip
      websocket (~> 1.0.4)
    sexp_processor (4.1.4)
    shoulda-matchers (1.4.2)
      activesupport (>= 3.0.0)
      bourne (~> 1.1.2)
    simple_cacheable (1.3.2)
      rails (>= 3.0.0)
    simple_oauth (0.2.0)
    simplecov (0.7.1)
      multi_json (~> 1.0)
      simplecov-html (~> 0.7.1)
    simplecov-html (0.7.1)
    sitemap_generator (3.4)
      builder
    slop (3.4.3)
    spork (1.0.0rc3)
    sprockets (2.2.2)
      hike (~> 1.2)
      multi_json (~> 1.0)
      rack (~> 1.0)
      tilt (~> 1.1, != 1.3.0)
    strong_parameters (0.1.6)
      actionpack (~> 3.0)
      activemodel (~> 3.0)
      railties (~> 3.0)
    subexec (0.2.2)
    switch_user (0.9.1)
    terminal-table (1.4.5)
    therubyracer (0.11.3)
      libv8 (~> 3.11.8.12)
      ref
    thinking-sphinx (3.0.1)
      activerecord (>= 3.1.0)
      builder (>= 2.1.2)
      innertube (>= 1.0.2)
      middleware (>= 0.1.0)
      riddle (>= 1.5.4)
    thor (0.17.0)
    tilt (1.3.5)
    treetop (1.4.12)
      polyglot
      polyglot (>= 0.3.1)
    turbo-sprockets-rails3 (0.3.6)
      railties (> 3.2.8, < 4.0.0)
      sprockets (>= 2.0.0)
    twitter (4.5.0)
      faraday (~> 0.8, < 0.10)
      multi_json (~> 1.0)
      simple_oauth (~> 0.2)
    tzinfo (0.3.37)
    uglifier (1.3.0)
      execjs (>= 0.3.0)
      multi_json (~> 1.0, >= 1.0.2)
    uniform_notifier (1.1.1)
    warden (1.2.1)
      rack (>= 1.0)
    websocket (1.0.7)
    whenever (0.8.2)
      activesupport (>= 2.3.4)
      chronic (>= 0.6.3)
    wmd-rails (0.0.7)
      rails (>= 3.1.1)
    xpath (1.0.0)
      nokogiri (~> 1.3)
    yajl-ruby (1.1.0)

PLATFORMS
  ruby

DEPENDENCIES
  acts-as-taggable-on
  annotate
  awesome_print
  backup
  bitly
  bullet
  cancan
  capistrano
  capistrano_colors
  capybara
  cells
  ckeditor_rails
  coffee-rails
  compass
  contact_us
  country-select
  css_sprite
  cucumber
  cucumber-rails
  daemons
  database_cleaner
  delayed_job_active_record
  devise
  devise-encryptable
  dropbox
  email_spec
  escape_utils
  exception_notification
  factory_girl
  factory_girl_rails
  formtastic
  gravtastic
  guard
  guard-annotate
  guard-bundler
  guard-livereload
  guard-migrate
  guard-rails
  guard-rspec
  guard-spork
  haml
  has_scope
  json
  kaminari
  kgio
  launchy
  memcached
  meta-tags
  multiple_mailers
  mysql2 (= 0.3.12b5)
  newrelic_rpm
  nokogiri
  omniauth
  omniauth-facebook
  omniauth-twitter
  paperclip
  pickle
  puma (= 2.0.0.b6)
  quiet_assets
  rails
  rails-erd
  rails_admin
  rails_best_practices
  rb-fchange
  rb-fsevent
  rb-inotify
  rdiscount
  recaptcha
  rspec
  rspec-cells
  rspec-rails
  rvm-capistrano
  sass-rails
  shoulda-matchers
  simple_cacheable
  simplecov
  sitemap_generator
  spork (= 1.0.0.rc3)
  strong_parameters
  switch_user
  therubyracer
  thinking-sphinx
  turbo-sprockets-rails3
  twitter
  uglifier
  whenever
  wmd-rails
  yajl-ruby
